PATH
  remote: .
  specs:
    exchanger (0.1.0)
      activesupport (>= 2.2.2)
      httpclient (>= 2.1.5.2)
      nokogiri (>= 1.3.0)
      rubyntlm (>= 0.1.1)

GEM
  remote: http://rubygems.org/
  specs:
    BlueCloth (1.0.1)
    activesupport (3.0.3)
    httpclient (2.1.6)
    i18n (0.5.0)
    nokogiri (1.4.4)
    rake (0.8.7)
    rcov (0.9.9)
    rspec (1.3.1)
    rubyntlm (0.1.1)
    yard (0.6.4)

PLATFORMS
  ruby

DEPENDENCIES
  BlueCloth
  activesupport (>= 2.2.2)
  exchanger!
  httpclient (>= 2.1.5.2)
  i18n
  nokogiri (>= 1.3.0)
  rake
  rcov
  rspec (~> 1.3.1)
  rubyntlm (>= 0.1.1)
  yard
